GIT
  remote: git://github.com/dockyard/ember-appkit-rails.git
  revision: 8edf3c5f06191462ca32b1b5b877905bce85ea0c
  specs:
    ember-appkit-rails (0.5.0)
      active_model_serializers
      barber (>= 0.4.1)
      ember-data-source (~> 1.0.0.beta.6)
      ember-source (~> 1.4.beta)
      es6_module_transpiler-rails (~> 0.4.0)
      handlebars-source
      jquery-rails
      parser
      rails (~> 4.0)
      teaspoon (~> 0.7.9)

GIT
  remote: git://github.com/rails-api/active_model_serializers.git
  revision: 2e31a141252a37f75cb5dc10e96d3975f1046085
  specs:
    active_model_serializers (0.9.0.alpha1)
      activemodel (>= 3.2)

GEM
  remote: https://rubygems.org/
  specs:
    actionmailer (4.1.0)
      actionpack (= 4.1.0)
      actionview (= 4.1.0)
      mail (~> 2.5.4)
    actionpack (4.1.0)
      actionview (= 4.1.0)
      activesupport (= 4.1.0)
      rack (~> 1.5.2)
      rack-test (~> 0.6.2)
    actionview (4.1.0)
      activesupport (= 4.1.0)
      builder (~> 3.1)
      erubis (~> 2.7.0)
    activemodel (4.1.0)
      activesupport (= 4.1.0)
      builder (~> 3.1)
    activerecord (4.1.0)
      activemodel (= 4.1.0)
      activesupport (= 4.1.0)
      arel (~> 5.0.0)
    activesupport (4.1.0)
      i18n (~> 0.6, >= 0.6.9)
      json (~> 1.7, >= 1.7.7)
      minitest (~> 5.1)
      thread_safe (~> 0.1)
      tzinfo (~> 1.1)
    arel (5.0.1.20140414130214)
    ast (2.0.0)
    barber (0.4.2)
      ember-source
      execjs
      handlebars-source
    better_errors (1.1.0)
      coderay (>= 1.0.0)
      erubis (>= 2.6.6)
    binding_of_caller (0.7.2)
      debug_inspector (>= 0.0.1)
    bourbon (4.0.0)
      sass (~> 3.3)
      thor
    builder (3.2.2)
    callsite (0.0.11)
    coderay (1.1.0)
    debug_inspector (0.0.2)
    diff-lcs (1.2.5)
    ember-data-source (1.0.0.beta.7)
      ember-source
    ember-source (1.6.0.beta.2)
      handlebars-source (~> 1.0)
    erubis (2.7.0)
    es6_module_transpiler-rails (0.4.0)
      execjs
    execjs (2.0.2)
    factory_girl (4.4.0)
      activesupport (>= 3.0.0)
    handlebars-source (1.3.0)
    hike (1.2.3)
    i18n (0.6.9)
    jquery-rails (3.1.0)
      railties (>= 3.0, < 5.0)
      thor (>= 0.14, < 2.0)
    json (1.8.1)
    mail (2.5.4)
      mime-types (~> 1.16)
      treetop (~> 1.4.8)
    meta_request (0.3.0)
      callsite
      rack-contrib
      railties
    method_source (0.8.2)
    mime-types (1.25.1)
    minitest (5.3.3)
    multi_json (1.9.2)
    neat (1.6.0)
      bourbon (>= 3.1)
      sass (>= 3.3)
    parser (2.1.9)
      ast (>= 1.1, < 3.0)
      slop (~> 3.4, >= 3.4.5)
    polyglot (0.3.4)
    pry (0.9.12.6)
      coderay (~> 1.0)
      method_source (~> 0.8)
      slop (~> 3.4)
    pry-rails (0.3.2)
      pry (>= 0.9.10)
    puma (2.8.2)
      rack (>= 1.1, < 2.0)
    quiet_assets (1.0.2)
      railties (>= 3.1, < 5.0)
    rack (1.5.2)
    rack-contrib (1.1.0)
      rack (>= 0.9.1)
    rack-test (0.6.2)
      rack (>= 1.0)
    rails (4.1.0)
      actionmailer (= 4.1.0)
      actionpack (= 4.1.0)
      actionview (= 4.1.0)
      activemodel (= 4.1.0)
      activerecord (= 4.1.0)
      activesupport (= 4.1.0)
      bundler (>= 1.3.0, < 2.0)
      railties (= 4.1.0)
      sprockets-rails (~> 2.0)
    railties (4.1.0)
      actionpack (= 4.1.0)
      activesupport (= 4.1.0)
      rake (>= 0.8.7)
      thor (>= 0.18.1, < 2.0)
    rake (10.3.1)
    rspec-core (2.14.8)
    rspec-expectations (2.14.5)
      diff-lcs (>= 1.1.3, < 2.0)
    rspec-mocks (2.14.6)
    rspec-rails (2.14.2)
      actionpack (>= 3.0)
      activemodel (>= 3.0)
      activesupport (>= 3.0)
      railties (>= 3.0)
      rspec-core (~> 2.14.0)
      rspec-expectations (~> 2.14.0)
      rspec-mocks (~> 2.14.0)
    sass (3.3.5)
    slop (3.5.0)
    sprockets (2.12.1)
      hike (~> 1.2)
      multi_json (~> 1.0)
      rack (~> 1.0)
      tilt (~> 1.1, != 1.3.0)
    sprockets-rails (2.1.3)
      actionpack (>= 3.0)
      activesupport (>= 3.0)
      sprockets (~> 2.8)
    sqlite3 (1.3.9)
    teaspoon (0.7.9)
      railties (>= 3.2.5, < 5)
    thor (0.19.1)
    thread_safe (0.3.3)
    tilt (1.4.1)
    treetop (1.4.15)
      polyglot
      polyglot (>= 0.3.1)
    tzinfo (1.1.0)
      thread_safe (~> 0.1)
    zeus (0.15.0)
      method_source (>= 0.6.7)

PLATFORMS
  ruby

DEPENDENCIES
  active_model_serializers!
  better_errors
  binding_of_caller
  ember-appkit-rails!
  ember-source (~> 1.6.0.beta.2)
  es6_module_transpiler-rails (~> 0.4.0)
  factory_girl
  meta_request
  neat
  pry
  pry-rails
  puma
  quiet_assets
  rails (= 4.1.0)
  rspec-rails
  sqlite3
  zeus
